PATH
  remote: .
  specs:
    shh (0.3.0)
      activesupport (~> 3)
      crypt19 (~> 1)
      flat_hash (~> 0)
      highline (~> 1.6)
      i18n (~> 0)
      shell_shock (~> 0)
      splat (~> 0)
      uuidtools (~> 2)

GEM
  remote: http://rubygems.org/
  specs:
    activesupport (3.2.1)
      i18n (~> 0.6)
      multi_json (~> 1.0)
    crypt19 (1.2.1)
    diff-lcs (1.1.3)
    flat_hash (0.1.0)
      grit (~> 2)
    grit (2.4.1)
      diff-lcs (~> 1.1)
      mime-types (~> 1.15)
    highline (1.6.11)
    i18n (0.6.0)
    mime-types (1.17.2)
    multi_json (1.0.4)
    rake (0.9.2.2)
    rspec (2.8.0)
      rspec-core (~> 2.8.0)
      rspec-expectations (~> 2.8.0)
      rspec-mocks (~> 2.8.0)
    rspec-core (2.8.0)
    rspec-expectations (2.8.0)
      diff-lcs (~> 1.1.2)
    rspec-mocks (2.8.0)
    shell_shock (0.0.5)
    splat (0.1.4)
    uuidtools (2.1.2)

PLATFORMS
  ruby

DEPENDENCIES
  rake (~> 0.8)
  rspec (~> 2)
  shh!
