PATH
  remote: .
  specs:
    shh (0.3.1)
      activesupport (~> 3)
      flat_hash (~> 0)
      highline (~> 1.6)
      i18n (~> 0)
      otherinbox-crypt19 (~> 1)
      shell_shock (~> 0)
      splat (~> 0)
      uuidtools (~> 2)

GEM
  remote: https://rubygems.org/
  specs:
    activesupport (3.2.12)
      i18n (~> 0.6)
      multi_json (~> 1.0)
    coderay (1.0.9)
    diff-lcs (1.2.2)
    flat_hash (0.1.0)
      grit (~> 2)
    formatador (0.2.4)
    grit (2.5.0)
      diff-lcs (~> 1.1)
      mime-types (~> 1.15)
      posix-spawn (~> 0.3.6)
    guard (1.7.0)
      formatador (>= 0.2.4)
      listen (>= 0.6.0)
      lumberjack (>= 1.0.2)
      pry (>= 0.9.10)
      thor (>= 0.14.6)
    guard-rspec (2.5.2)
      guard (>= 1.1)
      rspec (~> 2.11)
    highline (1.6.16)
    i18n (0.6.4)
    listen (0.7.3)
    lumberjack (1.0.3)
    method_source (0.8.1)
    mime-types (1.22)
    multi_json (1.7.2)
    otherinbox-crypt19 (1.2.1)
    posix-spawn (0.3.6)
    pry (0.9.12)
      coderay (~> 1.0.5)
      method_source (~> 0.8)
      slop (~> 3.4)
    rake (10.0.4)
    rspec (2.13.0)
      rspec-core (~> 2.13.0)
      rspec-expectations (~> 2.13.0)
      rspec-mocks (~> 2.13.0)
    rspec-core (2.13.1)
    rspec-expectations (2.13.0)
      diff-lcs (>= 1.1.3, < 2.0)
    rspec-mocks (2.13.0)
    shell_shock (0.0.5)
    slop (3.4.4)
    splat (0.1.5)
    thor (0.18.1)
    uuidtools (2.1.3)

PLATFORMS
  ruby

DEPENDENCIES
  guard
  guard-rspec
  rake
  rspec (~> 2)
  shh!
